GIT
  remote: git://github.com/igrigorik/em-websocket.git
  revision: b9d439cd3494db3225587ccf7cb060f4b37a9f13
  specs:
    em-websocket (0.3.7)
      addressable (>= 2.1.1)
      eventmachine (>= 0.12.9)

GEM
  remote: http://rubygems.org/
  specs:
    addressable (2.2.8)
    celluloid (0.10.0)
    celluloid-io (0.10.0)
      celluloid (~> 0.10.0)
      nio4r (>= 0.3.1)
    celluloid-zmq (0.10.0)
      celluloid (~> 0.10.0)
      celluloid-io (~> 0.10.0)
      ffi
      ffi-rzmq
    certified (0.1.0)
    dcell (0.10.0)
      celluloid (~> 0.10.0)
      celluloid-zmq (~> 0.10.0)
      moneta
      redis
      redis-namespace
      reel (~> 0.0.1)
    eventmachine (0.12.10)
    eventmachine (0.12.10-java)
    ffi (1.0.11)
    ffi-rzmq (0.9.3)
      ffi
    foreman (0.46.0)
      thor (>= 0.13.6)
    foreman (0.46.0-java)
      posix-spawn (~> 0.3.6)
      thor (>= 0.13.6)
    http (0.2.0)
      certified
    http_parser.rb (0.5.3)
    moneta (0.6.0)
    nio4r (0.3.3)
    posix-spawn (0.3.6)
    redis (3.0.0)
    redis-namespace (1.2.0)
      redis (~> 3.0.0)
    reel (0.0.2)
      celluloid-io (>= 0.8.0)
      http (>= 0.2.0)
      http_parser.rb (>= 0.5.3)
    thor (0.15.2)

PLATFORMS
  java
  ruby

DEPENDENCIES
  celluloid
  celluloid-io
  celluloid-zmq
  dcell
  em-websocket!
  foreman
